PATH
  remote: .
  specs:
    eol_terms (0.9.20)
      yaml

GEM
  remote: https://rubygems.org/
  specs:
    bump (0.10.0)
    rake (12.3.3)
    yaml (0.1.1)

PLATFORMS
  ruby

DEPENDENCIES
  bump
  eol_terms!
  rake (~> 12.0)

BUNDLED WITH
   2.1.4
